GEM
  specs:

PLATFORMS
  ruby

DEPENDENCIES

RUBY VERSION
   ruby 2.2.4p230

BUNDLED WITH
   1.14.5
